GEM
  specs:
    beanstalk-client (1.1.1)

PLATFORMS
  ruby

DEPENDENCIES
  beanstalk-client
