GEM
  remote: http://rubygems.org/
  specs:
    addressable (2.2.7)
    beanstalk-client (1.1.1)
    concur (0.1.2)
      em-http-request
      em-http-request
      eventmachine
      eventmachine
      faraday
      faraday
    cookiejar (0.3.0)
    em-http-request (1.0.1)
      addressable (>= 2.2.3)
      cookiejar
      em-socksify
      eventmachine (>= 1.0.0.beta.4)
      http_parser.rb (>= 0.5.3)
    em-socksify (0.1.0)
      eventmachine
    eventmachine (1.0.0.beta.4)
    faraday (0.7.6)
      addressable (~> 2.2)
      multipart-post (~> 1.1)
      rack (~> 1.1)
    http_parser.rb (0.5.3)
    multipart-post (1.1.5)
    rack (1.4.1)
    test-unit (2.4.8)

PLATFORMS
  ruby

DEPENDENCIES
  beanstalk-client
  concur
  test-unit
