PATH
  remote: .
  specs:
    iron_mq (2.1.3)
      iron_core (>= 0.4.2)

GEM
  remote: https://rubygems.org/
  specs:
    beanstalk-client (1.1.1)
    concur (1.0.0)
      faraday
      faraday
    faraday (0.8.4)
      multipart-post (~> 1.1)
    ffi (1.1.5)
    iron_core (0.4.2)
      rest (>= 2.0.2)
    mime-types (1.19)
    multipart-post (1.1.5)
    net-http-persistent (2.7)
    rake (0.9.2.2)
    rest (2.0.2)
      net-http-persistent
      rest-client (>= 0.3.0)
    rest-client (1.6.7)
      mime-types (>= 1.16)
    test-unit (2.5.1)
    typhoeus (0.4.2)
      ffi (~> 1.0)
      mime-types (~> 1.18)
    uber_config (0.0.6)

PLATFORMS
  ruby

DEPENDENCIES
  beanstalk-client
  concur
  iron_mq!
  net-http-persistent
  rake
  test-unit
  typhoeus
  uber_config
