PATH
  remote: .
  specs:
    iron_mq (2.1.3)
      iron_core (>= 0.4.2)

GEM
  remote: https://rubygems.org/
  specs:
    beanstalk-client (1.1.1)
    concur (1.0.0)
      faraday
      faraday
    ethon (0.5.2)
      ffi (~> 1.0.11)
      mime-types (~> 1.18)
    faraday (0.8.4)
      multipart-post (~> 1.1)
    ffi (1.0.11)
    iron_core (0.4.3)
      rest (>= 2.0.2)
    mime-types (1.19)
    minitest (4.1.0)
    multipart-post (1.1.5)
    net-http-persistent (2.8)
    rake (0.9.2.2)
    rest (2.0.4)
      net-http-persistent
      rest-client (>= 0.3.0)
    rest-client (1.6.7)
      mime-types (>= 1.16)
    test-unit (2.5.2)
    typhoeus (0.5.0)
      ethon (= 0.5.2)
    uber_config (1.0.5)

PLATFORMS
  ruby

DEPENDENCIES
  beanstalk-client
  concur
  iron_mq!
  minitest
  net-http-persistent
  rake
  test-unit
  typhoeus
  uber_config
